GEM
  remote: https://rubygems.org/
  specs:
    bluecloth (2.2.0)
    colorize (0.8.1)
    comp_tree (1.1.3)
    domain_name (0.5.20180417)
      unf (>= 0.0.5, < 1.0.0)
    drake (0.9.2.0.3.1)
      comp_tree (>= 1.1.3)
    highline (1.7.10)
    http-cookie (1.0.3)
      domain_name (~> 0.5)
    json_pure (1.8.6)
    mime-types (2.99.3)
    mini_portile2 (2.3.0)
    mizuho (0.9.20)
      nokogiri (>= 1.4.0)
      sqlite3
    net-http-persistent (2.9.4)
    netrc (0.11.0)
    nokogiri (1.8.5)
      mini_portile2 (~> 2.3.0)
    package_cloud (0.2.20)
      colorize (~> 0.6)
      highline (~> 1.6)
      json_pure (~> 1.8)
      rest-client (~> 1.6)
      thor (~> 0.18)
    paint (0.9.0)
    rake (10.4.2)
    rest-client (1.8.0)
      http-cookie (>= 1.0.2, < 2.0)
      mime-types (>= 1.16, < 3.0)
      netrc (~> 0.7)
    sqlite3 (1.3.10)
    thor (0.20.3)
    unf (0.1.4)
      unf_ext
    unf_ext (0.0.7.5)

PLATFORMS
  ruby

DEPENDENCIES
  bluecloth
  drake
  mizuho
  net-http-persistent
  package_cloud
  paint
  rake

BUNDLED WITH
   2.0.1
